GEM
  remote: https://rubygems.org/
  specs:
    aws-sdk (2.3.8)
      aws-sdk-resources (= 2.3.8)
    aws-sdk-core (2.3.8)
      jmespath (~> 1.0)
    aws-sdk-resources (2.3.8)
      aws-sdk-core (= 2.3.8)
    cloudformation-ruby-dsl (1.2.1)
      aws-sdk
      bundler
      detabulator
      diffy
      highline
      json
      rake
    detabulator (0.1.0)
    diffy (3.1.0)
    highline (1.7.8)
    jmespath (1.2.4)
      json_pure (>= 1.8.1)
    json (1.8.3)
    json_pure (1.8.3)
    rake (11.1.2)

PLATFORMS
  ruby

DEPENDENCIES
  cloudformation-ruby-dsl

BUNDLED WITH
   1.11.2
